PATH
  remote: .
  specs:
    bugsnag-maze-runner (1.0.0)
      cucumber (~> 3.1.0)
      cucumber-expressions (= 5.0.15)
      minitest (~> 5.0)
      os (~> 1.0.0)
      rack (~> 2.0.0)
      rake (~> 12.3.0)
      test-unit (~> 3.2.0)

GEM
  remote: https://rubygems.org/
  specs:
    backports (3.15.0)
    builder (3.2.3)
    cucumber (3.1.0)
      builder (>= 2.1.2)
      cucumber-core (~> 3.1.0)
      cucumber-expressions (~> 5.0.4)
      cucumber-wire (~> 0.0.1)
      diff-lcs (~> 1.3)
      gherkin (~> 5.0)
      multi_json (>= 1.7.5, < 2.0)
      multi_test (>= 0.1.2)
    cucumber-core (3.1.0)
      backports (>= 3.8.0)
      cucumber-tag_expressions (~> 1.1.0)
      gherkin (>= 5.0.0)
    cucumber-expressions (5.0.15)
    cucumber-tag_expressions (1.1.1)
    cucumber-wire (0.0.1)
    diff-lcs (1.3)
    gherkin (5.1.0)
    minitest (5.12.2)
    multi_json (1.14.1)
    multi_test (0.1.2)
    os (1.0.1)
    power_assert (1.1.5)
    rack (2.0.7)
    rake (12.3.3)
    test-unit (3.2.9)
      power_assert

PLATFORMS
  ruby
  x64-mingw32

DEPENDENCIES
  bugsnag-maze-runner!

BUNDLED WITH
   1.17.2
