PATH
  remote: .
  specs:
    bugsnag-maze-runner (5.5.0)
      appium_lib (~> 11.2.0)
      cucumber (~> 3.1.2)
      cucumber-expressions (~> 6.0.0)
      curb (~> 0.9.6)
      gherkin (~> 5.1.0)
      minitest (~> 5.0)
      optimist (~> 3.0.1)
      os (~> 1.0.0)
      rake (~> 12.3.3)
      selenium-webdriver (~> 3.11)
      test-unit (~> 3.3.0)

GEM
  remote: https://rubygems.org/
  specs:
    activesupport (6.1.2.1)
      concurrent-ruby (~> 1.0, >= 1.0.2)
      i18n (>= 1.6, < 2)
      minitest (>= 5.1)
      tzinfo (~> 2.0)
      zeitwerk (~> 2.3)
    appium_lib (11.2.0)
      appium_lib_core (~> 4.1)
      nokogiri (~> 1.8, >= 1.8.1)
      tomlrb (~> 1.1)
    appium_lib_core (4.6.0)
      faye-websocket (~> 0.11.0)
      selenium-webdriver (~> 3.14, >= 3.14.1)
    backports (3.20.2)
    builder (3.2.4)
    childprocess (3.0.0)
    concurrent-ruby (1.1.8)
    cucumber (3.1.2)
      builder (>= 2.1.2)
      cucumber-core (~> 3.2.0)
      cucumber-expressions (~> 6.0.1)
      cucumber-wire (~> 0.0.1)
      diff-lcs (~> 1.3)
      gherkin (~> 5.1.0)
      multi_json (>= 1.7.5, < 2.0)
      multi_test (>= 0.1.2)
    cucumber-core (3.2.1)
      backports (>= 3.8.0)
      cucumber-tag_expressions (~> 1.1.0)
      gherkin (~> 5.0)
    cucumber-expressions (6.0.1)
    cucumber-tag_expressions (1.1.1)
    cucumber-wire (0.0.1)
    curb (0.9.11)
    diff-lcs (1.4.4)
    eventmachine (1.2.7)
    faye-websocket (0.11.1)
      eventmachine (>= 0.12.0)
      websocket-driver (>= 0.5.1)
    gherkin (5.1.0)
    i18n (1.8.9)
      concurrent-ruby (~> 1.0)
    iniparser (1.0.1)
    kramdown (2.3.0)
      rexml
    license_finder (6.12.0)
      bundler
      rubyzip (>= 1, < 3)
      thor (~> 1.0.1)
      tomlrb (>= 1.3, < 2.1)
      with_env (= 1.1.0)
      xml-simple (~> 1.1.5)
    logutils (0.6.1)
    markdown (1.2.0)
      kramdown (>= 1.5.0)
      props (>= 1.1.2)
      textutils (>= 0.10.0)
    mini_portile2 (2.5.3)
    minitest (5.14.3)
    mocha (1.12.0)
    multi_json (1.15.0)
    multi_test (0.1.2)
    nokogiri (1.11.7)
      mini_portile2 (~> 2.5.0)
      racc (~> 1.4)
    nokogiri (1.11.7-arm64-darwin)
      racc (~> 1.4)
    nokogiri (1.11.7-x86_64-darwin)
      racc (~> 1.4)
    nokogiri (1.11.7-x86_64-linux)
      racc (~> 1.4)
    optimist (3.0.1)
    os (1.0.1)
    power_assert (2.0.0)
    props (1.2.0)
      iniparser (>= 0.1.0)
    racc (1.5.2)
    rake (12.3.3)
    redcarpet (3.5.1)
    rexml (3.2.4)
    rubyzip (2.3.0)
    selenium-webdriver (3.142.7)
      childprocess (>= 0.5, < 4.0)
      rubyzip (>= 1.2.2)
    test-unit (3.3.9)
      power_assert
    textutils (1.4.0)
      activesupport
      logutils (>= 0.6.1)
      props (>= 1.1.2)
      rubyzip (>= 1.0.0)
    thor (1.0.1)
    tomlrb (1.3.0)
    tzinfo (2.0.4)
      concurrent-ruby (~> 1.0)
    websocket-driver (0.7.5)
      websocket-extensions (>= 0.1.0)
    websocket-extensions (0.1.5)
    with_env (1.1.0)
    xml-simple (1.1.8)
    yard (0.9.26)
    yard-cucumber (4.0.0)
      cucumber (>= 2.0, < 4.0)
      gherkin (>= 4.0, < 6.0)
      yard (~> 0.8, >= 0.8.1)
    zeitwerk (2.4.2)

PLATFORMS
  arm64-darwin
  ruby
  x86_64-darwin
  x86_64-linux

DEPENDENCIES
  bugsnag-maze-runner!
  license_finder (~> 6.12.0)
  markdown (~> 1.2)
  mocha (~> 1.12.0)
  redcarpet (~> 3.5)
  yard (~> 0.9.1)
  yard-cucumber (~> 4.0.0)

BUNDLED WITH
   2.2.20
